PATH
  remote: ~/dev/bwoken
  specs:
    bwoken (0.0.1)
      coffee-script-source
      colorful
      execjs
      rake

GEM
  remote: http://rubygems.org/
  specs:
    cocoapods (0.5.1)
      xcodeproj (~> 0.1.0)
    coffee-script-source (1.2.0)
    colorful (0.0.3)
    execjs (1.3.0)
      multi_json (~> 1.0)
    json (1.6.5)
    multi_json (1.1.0)
    pusher (0.9.2)
      multi_json (~> 1.0)
      ruby-hmac (~> 0.4.0)
      signature (~> 0.1.2)
    rack (1.4.1)
    rack-protection (1.2.0)
      rack
    rake (0.9.2.2)
    ruby-hmac (0.4.0)
    signature (0.1.2)
      ruby-hmac
    sinatra (1.3.2)
      rack (~> 1.3, >= 1.3.6)
      rack-protection (~> 1.2)
      tilt (~> 1.3, >= 1.3.3)
    tilt (1.3.3)
    xcodeproj (0.1.0)

PLATFORMS
  ruby

DEPENDENCIES
  bwoken!
  cocoapods
  colorful
  json
  pusher
  rake
  sinatra
  xcodeproj
